GEM
  remote: https://rubygems.org/
  specs:
    license_finder (5.10.2)
      bundler
      rubyzip
      toml (= 0.2.0)
      with_env (= 1.1.0)
      xml-simple
    parslet (1.8.2)
    rubyzip (2.0.0)
    toml (0.2.0)
      parslet (~> 1.8.0)
    with_env (1.1.0)
    xml-simple (1.1.5)

PLATFORMS
  ruby

DEPENDENCIES
  license_finder

BUNDLED WITH
   1.17.3
